GEM
  remote: https://rubygems.org/
  specs:
    daemons (1.3.1)
    eventmachine (1.2.7)
    ffi (1.11.1)
    haml (5.1.2)
      temple (>= 0.8.0)
      tilt
    rack (2.0.8)
    rake (13.0.0)
    rb-fsevent (0.10.3)
    rb-inotify (0.10.0)
      ffi (~> 1.0)
    sass (3.7.4)
      sass-listen (~> 4.0.0)
    sass-listen (4.0.0)
      rb-fsevent (~> 0.9, >= 0.9.4)
      rb-inotify (~> 0.9, >= 0.9.7)
    temple (0.8.2)
    thin (1.7.2)
      daemons (~> 1.0, >= 1.0.9)
      eventmachine (~> 1.0, >= 1.0.4)
      rack (>= 1, < 3)
    tilt (2.0.10)

PLATFORMS
  ruby

DEPENDENCIES
  haml
  rake
  sass
  thin

BUNDLED WITH
   1.17.3
