GEM
  remote: https://rubygems.org/
  specs:
    daemons (1.4.1)
    eventmachine (1.2.7)
    ffi (1.17.0)
    ffi (1.17.0-arm64-darwin)
    haml (6.3.0)
      temple (>= 0.8.2)
      thor
      tilt
    logger (1.6.1)
    ostruct (0.6.0)
    rack (2.2.9)
    rake (13.2.1)
    rb-fsevent (0.11.2)
    rb-inotify (0.11.1)
      ffi (~> 1.0)
    sass (3.7.4)
      sass-listen (~> 4.0.0)
    sass-listen (4.0.0)
      rb-fsevent (~> 0.9, >= 0.9.4)
      rb-inotify (~> 0.9, >= 0.9.7)
    temple (0.10.3)
    thin (1.8.2)
      daemons (~> 1.0, >= 1.0.9)
      eventmachine (~> 1.0, >= 1.0.4)
      rack (>= 1, < 3)
    thor (1.3.2)
    tilt (2.4.0)

PLATFORMS
  arm64-darwin
  ruby

DEPENDENCIES
  haml
  logger
  ostruct
  rake
  sass
  thin

BUNDLED WITH
   2.5.18
